GEM
  remote: https://rubygems.org/
  specs:
    byebug (11.1.1)
    concurrent-ruby (1.1.6)
    dry-cli (0.5.1)
      concurrent-ruby (~> 1.0)
    mini_portile2 (2.4.0)
    nokogiri (1.10.8)
      mini_portile2 (~> 2.4.0)
    nori (2.6.0)

PLATFORMS
  ruby

DEPENDENCIES
  byebug
  dry-cli
  nokogiri
  nori

BUNDLED WITH
   2.0.2
